[System]
Scanner=Skyscan1172
Instrument S/N=12O01199
Hardware version=F
Software=Version 1. 5 (build 26)
Home directory=c:\SkyScan1172F_11MP_Hamamatsu
Source Type=Hamamatsu 100/250
Camera=Hamamatsu C9300 11Mp camera
Camera Pixel Size (um)=    8.80
CameraXYRatio=0.9927
Incl.in lifting (um/mm)=3.0875
[User]
User Name=fw13i082
Computer Name=ANAKLIN18
[Acquisition]
Data directory=D:\doc\Results\Zebra-Fish_Matthias\Control10\proj
Filename Prefix=Control10
Configuration=D:\doc\Results\Configurations\2018-04-27\2018-04-27
Number of Files= 3979
Source Voltage (kV)=  48
Source Current (uA)= 167
Number of Rows= 2672
Number of Columns= 4000
Image crop origin X=   0
Image crop origin Y=0
Camera binning=1x1
Image Rotation=0.2300
Gantry direction=CC
Image Pixel Size (um)=    1.66
Object to Source (mm)=40.030
Camera to Source (mm)=212.399
Vertical Object Position (mm)=42.200
Optical Axis (line)=1486
Filter=Al+Cu
Image Format=TIFF
Depth (bits)=16
Screen LUT=0
Exposure (ms)=  2005
Rotation Step (deg)=0.050
Frame Averaging=ON (6)
Random Movement=OFF (10)
Use 360 Rotation=NO
Geometrical Correction=ON
Camera Offset=OFF
Median Filtering=ON
Flat Field Correction=ON
Rotation Direction=CC
Scanning Trajectory=ROUND
Type Of Motion=STEP AND SHOOT
Study Date and Time=Jun 12, 2018  10:27:51
Scan duration=17:51:20
Maximum vertical TS=20.0
Maximum horizontal TS=6.0
TS modified at=June12,13:18:32 ---  3978 of 3978 projections
TS modified according to=G:\Zebra-Fish_Matthias\Control10\proj\Control10_TS.csv
TS modified at level=0
[Reconstruction]
Reconstruction Program=NRecon
Program Version=Version: 1.7.0.4
Program Home Directory=C:\Program Files (x86)\SkyScan
Reconstruction engine=InstaRecon
Engine version=Version: 2.0.3.5
Reconstruction from batch=Yes
Postalignment=74.50
Reconstruction servers= ANAKLIN25 
Dataset Origin=Skyscan1172
Dataset Prefix=Control10
Dataset Directory=G:\Zebra-Fish_Matthias\Control10\proj
Output Directory=G:\Zebra-Fish_Matthias\Control10\rec
Time and Date=Nov 26, 2018  17:41:11
First Section=2
Last Section=2646
Reconstruction duration per slice (seconds)=0.463516
Total reconstruction time (2645 slices) in seconds=1226.000000
Section to Section Step=1
Sections Count=2645
Result File Type=PNG
Result File Header Length (bytes)=Unknown: compressed JPG format (100%)
Result Image Width (pixels)=1896
Result Image Height (pixels)=1456
Pixel Size (um)=1.65905
Reconstruction Angular Range (deg)=198.90
Use 180+=OFF
Angular Step (deg)=0.0500
Smoothing=0
Ring Artifact Correction=20
Draw Scales=OFF
Object Bigger than FOV=OFF
Reconstruction from ROI=ON
ROI Top (pixels)=2519
ROI Bottom (pixels)=1062
ROI Left (pixels)=1082
ROI Right (pixels)=2980
ROI reference length=4000
Filter cutoff relative to Nyquist frequency=100
Filter type=0
Filter type description=Hamming (Alpha=0.54)
Undersampling factor=1
Threshold for defect pixel mask (%)=0
Beam Hardening Correction (%)=0
CS Static Rotation (deg)=0.00
Minimum for CS to Image Conversion=0.000000
Maximum for CS to Image Conversion=0.160104
HU Calibration=OFF
BMP LUT=0
Cone-beam Angle Horiz.(deg)=9.476846
Cone-beam Angle Vert.(deg)=6.338533
